GEM
  remote: https://rubygems.org/
  specs:
    addressable (2.8.0)
      public_suffix (>= 2.0.2, < 5.0)
    ast (2.4.2)
    ethon (0.15.0)
      ffi (>= 1.15.0)
    ffi (1.15.5)
    html-proofer (3.19.3)
      addressable (~> 2.3)
      mercenary (~> 0.3)
      nokogiri (~> 1.12)
      parallel (~> 1.3)
      rainbow (~> 3.0)
      typhoeus (~> 1.3)
      yell (~> 2.0)
    mercenary (0.4.0)
    mini_portile2 (2.8.0)
    nokogiri (1.13.9)
      mini_portile2 (~> 2.8.0)
      racc (~> 1.4)
    parallel (1.21.0)
    parser (3.1.1.0)
      ast (~> 2.4.1)
    public_suffix (4.0.6)
    racc (1.6.0)
    rainbow (3.1.1)
    rake (13.0.6)
    regexp_parser (2.2.1)
    rexml (3.2.5)
    rubocop (1.25.1)
      parallel (~> 1.10)
      parser (>= 3.1.0.0)
      rainbow (>= 2.2.2, < 4.0)
      regexp_parser (>= 1.8, < 3.0)
      rexml
      rubocop-ast (>= 1.15.1, < 2.0)
      ruby-progressbar (~> 1.7)
      unicode-display_width (>= 1.4.0, < 3.0)
    rubocop-ast (1.16.0)
      parser (>= 3.1.1.0)
    ruby-progressbar (1.11.0)
    typhoeus (1.4.0)
      ethon (>= 0.9.0)
    unicode-display_width (2.1.0)
    yell (2.2.2)

PLATFORMS
  ruby

DEPENDENCIES
  html-proofer
  rake
  rubocop

BUNDLED WITH
   2.1.4
